PATH
  remote: ../auto-generated-gem
  specs:
    get_into_teaching_api_client (4.3.7.1)
      faraday (>= 1.0.1, < 3.0)
      faraday-multipart

PATH
  remote: .
  specs:
    get_into_teaching_api_client_faraday (4.3.7.1)
      activesupport
      faraday
      faraday-encoding
      faraday-http-cache
      faraday-retry
      faraday_middleware-circuit_breaker
      get_into_teaching_api_client

GEM
  remote: https://rubygems.org/
  specs:
    activesupport (6.1.7.3)
      concurrent-ruby (~> 1.0, >= 1.0.2)
      i18n (>= 1.6, < 2)
      minitest (>= 5.1)
      tzinfo (~> 2.0)
      zeitwerk (~> 2.3)
    addressable (2.8.7)
      public_suffix (>= 2.0.2, < 7.0)
    bigdecimal (3.2.2)
    byebug (11.1.3)
    concurrent-ruby (1.3.5)
    connection_pool (2.5.3)
    crack (1.0.0)
      bigdecimal
      rexml
    diff-lcs (1.4.4)
    faraday (2.13.4)
      faraday-net_http (>= 2.0, < 3.5)
      json
      logger
    faraday-encoding (0.0.6)
      faraday
    faraday-http-cache (2.5.1)
      faraday (>= 0.8)
    faraday-multipart (1.1.1)
      multipart-post (~> 2.0)
    faraday-net_http (3.4.1)
      net-http (>= 0.5.0)
    faraday-retry (2.3.2)
      faraday (~> 2.0)
    faraday_middleware-circuit_breaker (0.6.0)
      faraday (>= 0.9, < 3.0)
      stoplight (>= 2.1, < 4.0)
    hashdiff (1.2.0)
    i18n (1.14.7)
      concurrent-ruby (~> 1.0)
    json (2.13.2)
    logger (1.7.0)
    minitest (5.25.5)
    multipart-post (2.4.1)
    net-http (0.6.0)
      uri
    public_suffix (6.0.2)
    rake (12.3.3)
    redis (5.4.1)
      redis-client (>= 0.22.0)
    redis-client (0.25.2)
      connection_pool
    redlock (1.3.2)
      redis (>= 3.0.0, < 6.0)
    rexml (3.4.1)
    rspec (3.9.0)
      rspec-core (~> 3.9.0)
      rspec-expectations (~> 3.9.0)
      rspec-mocks (~> 3.9.0)
    rspec-core (3.9.2)
      rspec-support (~> 3.9.3)
    rspec-expectations (3.9.2)
      diff-lcs (>= 1.2.0, < 2.0)
      rspec-support (~> 3.9.0)
    rspec-mocks (3.9.1)
      diff-lcs (>= 1.2.0, < 2.0)
      rspec-support (~> 3.9.0)
    rspec-support (3.9.3)
    stoplight (3.0.2)
      redlock (~> 1.0)
    tzinfo (2.0.6)
      concurrent-ruby (~> 1.0)
    uri (1.0.3)
    webmock (3.25.1)
      addressable (>= 2.8.0)
      crack (>= 0.3.2)
      hashdiff (>= 0.4.0, < 2.0.0)
    zeitwerk (2.7.3)

PLATFORMS
  ruby

DEPENDENCIES
  byebug
  faraday_middleware-circuit_breaker
  get_into_teaching_api_client!
  get_into_teaching_api_client_faraday!
  rake (~> 12.0)
  rspec (~> 3.0)
  webmock

BUNDLED WITH
   2.3.14
